GEM
  remote: https://rubygems.org/
  specs:
    minitest (5.20.0)

PLATFORMS
  ruby

DEPENDENCIES
  minitest (~> 5.0)

BUNDLED WITH
   2.4.10
